GEM
  remote: https://rubygems.org/
  specs:
    addressable (2.7.0)
      public_suffix (>= 2.0.2, < 5.0)
    crack (0.4.3)
      safe_yaml (~> 1.0.0)
    hashdiff (1.0.1)
    httparty (0.14.0)
      multi_xml (>= 0.5.2)
    json (2.0.2)
    minitest (5.10.1)
    multi_xml (0.6.0)
    public_suffix (4.0.5)
    rake (12.0.0)
    safe_yaml (1.0.5)
    webmock (3.8.3)
      addressable (>= 2.3.6)
      crack (>= 0.3.2)
      hashdiff (>= 0.4.0, < 2.0.0)

PLATFORMS
  ruby

DEPENDENCIES
  httparty
  json
  minitest
  rake
  webmock

BUNDLED WITH
   2.1.4
